GEM
  remote: https://rubygems.org/
  specs:
    haml (4.0.6)
      tilt
    htmlentities (4.3.3)
    link_header (0.0.8)
    rdf (1.1.7)
      link_header (~> 0.0, >= 0.0.8)
    rdf-aggregate-repo (1.1.0)
      rdf (>= 1.1)
    rdf-rdfa (1.1.5)
      haml (~> 4.0)
      htmlentities (~> 4.3)
      rdf (~> 1.1, >= 1.1.6)
      rdf-aggregate-repo
      rdf-xsd (~> 1.1)
    rdf-rdfxml (1.1.3)
      htmlentities (~> 4.3)
      rdf (~> 1.1, >= 1.1.6)
      rdf-rdfa (~> 1.1, >= 1.1.4.1)
      rdf-xsd (~> 1.1)
    rdf-xsd (1.1.2)
      rdf (~> 1.1)
    tilt (2.0.1)

PLATFORMS
  ruby

DEPENDENCIES
  rdf
  rdf-rdfxml
